GEM
  remote: https://rubygems.org/
  specs:
    google-protobuf (3.23.4)
    google-protobuf (3.23.4-arm64-darwin)
    googleapis-common-protos-types (1.11.0)
      google-protobuf (~> 3.18)
    grpc (1.58.0)
      google-protobuf (~> 3.23)
      googleapis-common-protos-types (~> 1.0)
    grpc-tools (1.60.0)

PLATFORMS
  -darwin-22
  arm64-darwin-23
  ruby

DEPENDENCIES
  google-protobuf (= 3.23.4)
  grpc
  grpc-tools

BUNDLED WITH
   2.4.21
